GEM
  remote: https://rubygems.org/
  specs:
    netrc (0.7.7)
    rack (1.4.4)
    rack-protection (1.3.2)
      rack
    rest_client (1.7.3)
      netrc (~> 0.7.7)
    sinatra (1.3.3)
      rack (~> 1.3, >= 1.3.6)
      rack-protection (~> 1.2)
      tilt (~> 1.3, >= 1.3.3)
    tilt (1.3.3)

PLATFORMS
  ruby

DEPENDENCIES
  rack
  rest_client
  sinatra
