GEM
  remote: https://rubygems.org/
  specs:
    addressable (2.3.7)
    faraday (0.9.1)
      multipart-post (>= 1.2, < 3)
    multipart-post (2.0.0)
    netrc (0.7.7)
    octokit (3.7.1)
      sawyer (~> 0.6.0, >= 0.5.3)
    rack (1.5.2)
    rack-protection (1.5.3)
      rack
    rest_client (1.7.3)
      netrc (~> 0.7.7)
    retriable (1.4.1)
    sawyer (0.6.0)
      addressable (~> 2.3.5)
      faraday (~> 0.8, < 0.10)
    sinatra (1.4.5)
      rack (~> 1.4)
      rack-protection (~> 1.4)
      tilt (~> 1.3, >= 1.3.4)
    tilt (1.4.1)

PLATFORMS
  ruby

DEPENDENCIES
  octokit (~> 3.0)
  rack (>= 1.5.2)
  rest_client
  retriable (~> 1.0)
  sinatra
